GEM
  specs:
    hiredis (0.6.1)
    json (2.1.0)
    open4 (1.3.4)
    open5 (0.2)
      open4
    redis (4.0.1)

PLATFORMS
  ruby

DEPENDENCIES
  hiredis
  json
  open5
  redis

BUNDLED WITH
   1.15.4
